GEM
  specs:
    diff-lcs (1.2.4)
    facter (1.7.3)
    hiera (1.2.1)
      json_pure
    json_pure (1.8.0)
    puppet (3.1.1)
      facter (~> 1.6)
      hiera (~> 1.0)
    rake (10.1.0)
    rspec (2.13.0)
      rspec-core (~> 2.13.0)
      rspec-expectations (~> 2.13.0)
      rspec-mocks (~> 2.13.0)
    rspec-abhakungszeichen-formatter (0.0.1)
    rspec-core (2.13.1)
    rspec-expectations (2.13.0)
      diff-lcs (>= 1.1.3, < 2.0)
    rspec-mocks (2.13.1)
    rspec-puppet (0.1.5)
      rspec

PLATFORMS
  ruby

DEPENDENCIES
  puppet
  rake
  rspec-abhakungszeichen-formatter
  rspec-puppet
